PATH
  remote: ..
  specs:
    ace (0.4)
      template-inheritance

GEM
  remote: http://rubygems.org/
  specs:
    haml (3.1.2)
    nake (0.0.8)
      term-ansicolor
    nokogiri (1.4.4)
    template-inheritance (0.3)
      haml
      tilt
    term-ansicolor (1.0.5)
    tilt (1.3.2)

PLATFORMS
  ruby

DEPENDENCIES
  ace!
  nake
  nokogiri
